GEM
  remote: https://rubygems.org/
  specs:
    plist (3.1.0)
    rake (10.1.0)

PLATFORMS
  ruby

DEPENDENCIES
  plist
  rake
